GIT
  remote: https://bitbucket.org/ATrush/yarpc.git
  revision: 429e4d008d21b8a93ad660e10efab54322e5ce7a
  specs:
    yarpc (0.3)
      rest-client (~> 2.0)
      rubytree (>= 0.9.3)

GIT
  remote: https://github.com/reportportal/agent-ruby.git
  revision: 447d93bf06a874df65204926a4c7bba7f7f4d19d
  specs:
    reportportal (0.4)
      rest-client (~> 2.0)
      rubytree (>= 0.9.3)

GEM
  remote: https://rubygems.org/
  specs:
    CFPropertyList (2.3.5)
    activesupport (5.1.2)
      concurrent-ruby (~> 1.0, >= 1.0.2)
      i18n (~> 0.7)
      minitest (~> 5.1)
      tzinfo (~> 1.1)
    addressable (2.5.1)
      public_suffix (~> 2.0, >= 2.0.2)
    builder (3.2.3)
    byebug (9.0.6)
    capybara (2.14.4)
      addressable
      mime-types (>= 1.16)
      nokogiri (>= 1.3.3)
      rack (>= 1.0.0)
      rack-test (>= 0.5.4)
      xpath (~> 2.0)
    childprocess (0.7.1)
      ffi (~> 1.0, >= 1.0.11)
    cliver (0.3.2)
    coderay (1.1.1)
    concurrent-ruby (1.0.5)
    cucumber (2.4.0)
      builder (>= 2.1.2)
      cucumber-core (~> 1.5.0)
      cucumber-wire (~> 0.0.1)
      diff-lcs (>= 1.1.3)
      gherkin (~> 4.0)
      multi_json (>= 1.7.5, < 2.0)
      multi_test (>= 0.1.2)
    cucumber-core (1.5.0)
      gherkin (~> 4.0)
    cucumber-wire (0.0.1)
    database_cleaner (1.6.1)
    diff-lcs (1.3)
    domain_name (0.5.20170404)
      unf (>= 0.0.5, < 1.0.0)
    dotenv (2.2.1)
    em-proxy (0.1.9)
      eventmachine
    eventmachine (1.0.9.1)
    facter (2.5.0)
    facter (2.5.0-universal-darwin)
      CFPropertyList (~> 2.2)
    faker (1.8.4)
      i18n (~> 0.5)
    ffi (1.9.18)
    flatpickr (2.6.3.0)
    formatador (0.2.5)
    gherkin (4.1.3)
    headless (2.3.1)
    http-cookie (1.0.3)
      domain_name (~> 0.5)
    http-parser-lite (0.6.0)
    i18n (0.8.6)
    iniparse (1.4.4)
    invoker (1.5.4)
      dotenv (~> 2.0)
      em-proxy (~> 0.1)
      eventmachine (~> 1.0.4)
      facter (~> 2.2)
      formatador (~> 0.2)
      http-parser-lite (~> 0.6)
      iniparse (~> 1.1)
      rainbow (~> 2.1.0)
      rubydns (~> 0.8.5)
      thor (~> 0.19)
      uuid (~> 2.3)
    io-console (0.4.6)
    jenkins_api_client (1.5.3)
      json (>= 1.0)
      mixlib-shellout (>= 1.1.0)
      nokogiri (~> 1.6)
      socksify (>= 1.7.0)
      terminal-table (>= 1.4.0)
      thor (>= 0.16.0)
    json (1.8.6)
    jsonpath (0.8.5)
      multi_json
    launchy (2.4.3)
      addressable (~> 2.3)
    levenshtein (0.2.2)
    macaddr (1.7.1)
      systemu (~> 2.6.2)
    mail (2.6.6)
      mime-types (>= 1.16, < 4)
    method_source (0.8.2)
    mime (0.4.4)
    mime-types (3.1)
      mime-types-data (~> 3.2015)
    mime-types-data (3.2016.0521)
    mini_portile2 (2.2.0)
    minitest (5.10.3)
    mixlib-shellout (2.3.2)
    multi_json (1.12.1)
    multi_test (0.1.2)
    mysql2 (0.4.8)
    netrc (0.11.0)
    nokogiri (1.8.0)
      mini_portile2 (~> 2.2.0)
    parallel (1.12.0)
    parallel_tests (2.14.2)
      parallel
    poltergeist (1.15.0)
      capybara (~> 2.1)
      cliver (~> 0.3.1)
      websocket-driver (>= 0.2.0)
    power_assert (1.0.2)
    pry (0.10.4)
      coderay (~> 1.1.0)
      method_source (~> 0.8.1)
      slop (~> 3.4)
    public_suffix (2.0.5)
    rack (2.0.3)
    rack-test (0.7.0)
      rack (>= 1.0, < 3)
    rainbow (2.1.0)
    rake (12.0.0)
    regexp-examples (1.3.2)
    report_builder (0.1.4)
      builder (~> 3.2, >= 3.2.2)
      json (>= 1.8.1)
    rest-client (2.0.2)
      http-cookie (>= 1.0.2, < 2.0)
      mime-types (>= 1.16, < 4.0)
      netrc (~> 0.8)
    rspec (3.6.0)
      rspec-core (~> 3.6.0)
      rspec-expectations (~> 3.6.0)
      rspec-mocks (~> 3.6.0)
    rspec-core (3.6.0)
      rspec-support (~> 3.6.0)
    rspec-expectations (3.6.0)
      diff-lcs (>= 1.2.0, < 2.0)
      rspec-support (~> 3.6.0)
    rspec-mocks (3.6.0)
      diff-lcs (>= 1.2.0, < 2.0)
      rspec-support (~> 3.6.0)
    rspec-support (3.6.0)
    ruby-gmail (0.3.1)
      mail (>= 2.2.1)
      mime (>= 0.1)
      shared-mime-info
    rubydns (0.8.5)
      eventmachine (~> 1.0.0)
    rubytree (0.9.7)
      json (~> 1.8)
      structured_warnings (~> 0.2)
    rubyzip (1.2.1)
    selenium-webdriver (3.4.4)
      childprocess (~> 0.5)
      rubyzip (~> 1.0)
    shared-mime-info (0.2.5)
    site_prism (2.9)
      addressable (>= 2.3.3, < 3.0)
      capybara (>= 2.1, < 3.0)
    slop (3.6.0)
    socksify (1.7.1)
    structured_warnings (0.3.0)
    systemu (2.6.5)
    terminal-table (1.8.0)
      unicode-display_width (~> 1.1, >= 1.1.1)
    test-unit (3.2.5)
      power_assert
    thor (0.19.4)
    thread_safe (0.3.6)
    tzinfo (1.2.3)
      thread_safe (~> 0.1)
    unf (0.1.4)
      unf_ext
    unf_ext (0.0.7.4)
    unicode-display_width (1.3.0)
    uuid (2.3.8)
      macaddr (~> 1.0)
    websocket-driver (0.6.5)
      websocket-extensions (>= 0.1.0)
    websocket-extensions (0.1.2)
    xpath (2.1.0)
      nokogiri (~> 1.3)

PLATFORMS
  ruby
  x86_64-darwin-16

DEPENDENCIES
  activesupport
  byebug
  capybara
  cucumber
  database_cleaner
  faker
  flatpickr
  headless
  invoker
  io-console
  jenkins_api_client
  json
  jsonpath
  launchy
  levenshtein (~> 0.2.2)
  mini_portile2
  mysql2
  nokogiri
  parallel_tests
  poltergeist (~> 1.9)
  pry
  rainbow (>= 2.1.0, < 2.2.0)
  rake
  regexp-examples
  report_builder (~> 0.1.2)
  reportportal!
  rest-client
  rspec (~> 3.4)
  rspec-core (~> 3.4, >= 3.4.4)
  rspec-expectations (~> 3.4)
  ruby-gmail (~> 0.3.1)
  selenium-webdriver
  site_prism (~> 2.9)
  test-unit
  yarpc!

BUNDLED WITH
   1.15.3
